GEM
  remote: http://rubygems.org/
  specs:
    applix (0.3.8)
    googlecharts (1.6.7)
    highline (1.6.1)
    json (1.8.3)

PLATFORMS
  ruby

DEPENDENCIES
  applix (>= 0.3.8)
  googlecharts
  highline (>= 1.6.1)
  json

BUNDLED WITH
   1.10.5
